GEM
  remote: https://rubygems.org/
  specs:
    CFPropertyList (3.0.6)
      rexml
    activesupport (7.1.1)
      base64
      bigdecimal
      concurrent-ruby (~> 1.0, >= 1.0.2)
      connection_pool (>= 2.2.5)
      drb
      i18n (>= 1.6, < 2)
      minitest (>= 5.1)
      mutex_m
      tzinfo (~> 2.0)
    addressable (2.8.5)
      public_suffix (>= 2.0.2, < 6.0)
    algoliasearch (1.27.5)
      httpclient (~> 2.8, >= 2.8.3)
      json (>= 1.5.1)
    atomos (0.1.3)
    base64 (0.2.0)
    bigdecimal (3.1.4)
    claide (1.1.0)
    clamp (0.6.5)
    cocoapods (1.14.2)
      addressable (~> 2.8)
      claide (>= 1.0.2, < 2.0)
      cocoapods-core (= 1.14.2)
      cocoapods-deintegrate (>= 1.0.3, < 2.0)
      cocoapods-downloader (>= 2.0)
      cocoapods-plugins (>= 1.0.0, < 2.0)
      cocoapods-search (>= 1.0.0, < 2.0)
      cocoapods-trunk (>= 1.6.0, < 2.0)
      cocoapods-try (>= 1.1.0, < 2.0)
      colored2 (~> 3.1)
      escape (~> 0.0.4)
      fourflusher (>= 2.3.0, < 3.0)
      gh_inspector (~> 1.0)
      molinillo (~> 0.8.0)
      nap (~> 1.0)
      ruby-macho (>= 2.3.0, < 3.0)
      xcodeproj (>= 1.23.0, < 2.0)
    cocoapods-core (1.14.2)
      activesupport (>= 5.0, < 8)
      addressable (~> 2.8)
      algoliasearch (~> 1.0)
      concurrent-ruby (~> 1.1)
      fuzzy_match (~> 2.0.4)
      nap (~> 1.0)
      netrc (~> 0.11)
      public_suffix (~> 4.0)
      typhoeus (~> 1.0)
    cocoapods-deintegrate (1.0.5)
    cocoapods-downloader (2.0)
    cocoapods-plugins (1.0.0)
      nap
    cocoapods-search (1.0.1)
    cocoapods-trunk (1.6.0)
      nap (>= 0.8, < 2.0)
      netrc (~> 0.11)
    cocoapods-try (1.2.0)
    colored2 (3.1.2)
    colorize (0.8.1)
    concurrent-ruby (1.2.2)
    connection_pool (2.4.1)
    descendants_tracker (0.0.4)
      thread_safe (~> 0.3, >= 0.3.1)
    drb (2.2.0)
      ruby2_keywords
    escape (0.0.4)
    ethon (0.16.0)
      ffi (>= 1.15.0)
    faraday (1.10.3)
      faraday-em_http (~> 1.0)
      faraday-em_synchrony (~> 1.0)
      faraday-excon (~> 1.1)
      faraday-httpclient (~> 1.0)
      faraday-multipart (~> 1.0)
      faraday-net_http (~> 1.0)
      faraday-net_http_persistent (~> 1.0)
      faraday-patron (~> 1.0)
      faraday-rack (~> 1.0)
      faraday-retry (~> 1.0)
      ruby2_keywords (>= 0.0.4)
    faraday-em_http (1.0.0)
    faraday-em_synchrony (1.0.0)
    faraday-excon (1.1.0)
    faraday-httpclient (1.0.1)
    faraday-multipart (1.0.4)
      multipart-post (~> 2)
    faraday-net_http (1.0.1)
    faraday-net_http_persistent (1.2.0)
    faraday-patron (1.0.0)
    faraday-rack (1.0.0)
    faraday-retry (1.0.3)
    ffi (1.16.3)
    fileutils (1.7.2)
    fourflusher (2.3.1)
    fuzzy_match (2.0.4)
    gh_inspector (1.1.3)
    github_api (0.19.0)
      addressable (~> 2.4)
      descendants_tracker (~> 0.0.4)
      faraday (>= 0.8, < 2)
      hashie (~> 3.5, >= 3.5.2)
      oauth2 (~> 1.0)
    github_changelog_generator (1.13.2)
      github_api (>= 0.14)
      rainbow (>= 2.1)
      rake (>= 10.0)
    hashie (3.6.0)
    httpclient (2.8.3)
    i18n (1.14.1)
      concurrent-ruby (~> 1.0)
    jazzy (0.14.4)
      cocoapods (~> 1.5)
      mustache (~> 1.1)
      open4 (~> 1.3)
      redcarpet (~> 3.4)
      rexml (~> 3.2)
      rouge (>= 2.0.6, < 5.0)
      sassc (~> 2.1)
      sqlite3 (~> 1.3)
      xcinvoke (~> 0.3.0)
    json (2.6.3)
    jwt (2.7.1)
    liferaft (0.0.6)
    mini_portile2 (2.8.5)
    minitest (5.20.0)
    molinillo (0.8.0)
    multi_json (1.15.0)
    multi_xml (0.6.0)
    multipart-post (2.3.0)
    mustache (1.1.1)
    mutex_m (0.2.0)
    nanaimo (0.3.0)
    nap (1.1.0)
    netrc (0.11.0)
    oauth2 (1.4.11)
      faraday (>= 0.17.3, < 3.0)
      jwt (>= 1.0, < 3.0)
      multi_json (~> 1.3)
      multi_xml (~> 0.5)
      rack (>= 1.2, < 4)
    octokit (8.0.0)
      faraday (>= 1, < 3)
      sawyer (~> 0.9)
    open4 (1.3.4)
    public_suffix (4.0.7)
    rack (3.0.8)
    rainbow (3.1.1)
    rake (13.1.0)
    redcarpet (3.6.0)
    rexml (3.2.6)
    rouge (4.2.0)
    ruby-macho (2.5.1)
    ruby2_keywords (0.0.5)
    sassc (2.4.0)
      ffi (~> 1.9)
    sawyer (0.9.2)
      addressable (>= 2.3.5)
      faraday (>= 0.17.3, < 3)
    sqlite3 (1.6.8)
      mini_portile2 (~> 2.8.0)
    synx (0.2.1)
      clamp (~> 0.6)
      colorize (~> 0.7)
      xcodeproj (~> 1.0)
    thread_safe (0.3.6)
    typhoeus (1.4.0)
      ethon (>= 0.9.0)
    tzinfo (2.0.6)
      concurrent-ruby (~> 1.0)
    xcinvoke (0.3.0)
      liferaft (~> 0.0.6)
    xcodeproj (1.23.0)
      CFPropertyList (>= 2.3.3, < 4.0)
      atomos (~> 0.1.3)
      claide (>= 1.0.2, < 2.0)
      colored2 (~> 3.1)
      nanaimo (~> 0.3.0)
      rexml (~> 3.2.4)

PLATFORMS
  ruby

DEPENDENCIES
  cocoapods
  fileutils
  github_changelog_generator
  jazzy
  octokit
  rake
  synx

BUNDLED WITH
   2.4.21
